GEM
  remote: https://rubygems.org/
  specs:
    recursive-open-struct (1.1.3)
    rubyzip (2.3.0)

PLATFORMS
  ruby
  x86_64-darwin-19

DEPENDENCIES
  recursive-open-struct
  rubyzip

BUNDLED WITH
   2.2.0
