GEM
  remote: https://rubygems.org/
  specs:
    json (2.5.1)
    recursive-open-struct (1.1.3)
    rubytree (1.0.0)
      json (~> 2.1)
      structured_warnings (~> 0.3)
    rubyzip (2.3.0)
    structured_warnings (0.4.0)

PLATFORMS
  ruby
  x86_64-darwin-19

DEPENDENCIES
  recursive-open-struct
  rubytree
  rubyzip

BUNDLED WITH
   2.2.0
